GEM
  remote: https://rubygems.org/
  specs:
    minitest (5.21.2)

PLATFORMS
  ruby
  x86_64-linux-musl

DEPENDENCIES
  minitest

BUNDLED WITH
   2.5.5
